GEM
  remote: https://rubygems.org/
  specs:
    coderay (1.1.2)
    id3tag (0.12.1)
    method_source (0.9.2)
    pry (0.12.2)
      coderay (~> 1.1.0)
      method_source (~> 0.9.0)
    sqlite3 (1.4.2)
    strings-ansi (0.1.0)
    tty-cursor (0.7.0)
    tty-progressbar (0.17.0)
      strings-ansi (~> 0.1.0)
      tty-cursor (~> 0.7)
      tty-screen (~> 0.7)
      unicode-display_width (~> 1.6)
    tty-screen (0.7.0)
    unicode-display_width (1.6.1)

PLATFORMS
  ruby

DEPENDENCIES
  id3tag
  pry
  sqlite3
  tty-progressbar

BUNDLED WITH
   1.17.2
